GEM
  remote: https://gems.ruby-china.org/
  specs:
    childprocess (0.5.9)
      ffi (~> 1.0, >= 1.0.11)
    domain_name (0.5.20160615)
      unf (>= 0.0.5, < 1.0.0)
    ffi (1.9.14)
    http-cookie (1.0.2)
      domain_name (~> 0.5)
    mechanize (2.7.4)
      domain_name (~> 0.5, >= 0.5.1)
      http-cookie (~> 1.0)
      mime-types (>= 1.17.2, < 3)
      net-http-digest_auth (~> 1.1, >= 1.1.1)
      net-http-persistent (~> 2.5, >= 2.5.2)
      nokogiri (~> 1.6)
      ntlm-http (~> 0.1, >= 0.1.1)
      webrobots (>= 0.0.9, < 0.2)
    mime-types (2.99.2)
    mini_portile2 (2.1.0)
    net-http-digest_auth (1.4)
    net-http-persistent (2.9.4)
    nokogiri (1.6.8)
      mini_portile2 (~> 2.1.0)
      pkg-config (~> 1.1.7)
    ntlm-http (0.1.1)
    pkg-config (1.1.7)
    power_assert (0.3.0)
    rubyzip (1.2.0)
    selenium-webdriver (2.53.4)
      childprocess (~> 0.5)
      rubyzip (~> 1.0)
      websocket (~> 1.0)
    test-unit (3.2.1)
      power_assert
    unf (0.1.4)
      unf_ext
    unf_ext (0.0.7.2)
    webrobots (0.1.2)
    websocket (1.2.3)

PLATFORMS
  ruby

DEPENDENCIES
  mechanize
  selenium-webdriver
  test-unit

BUNDLED WITH
   1.12.5
